GEM
  remote: http://rubygems.org/
  specs:
    actionmailer (3.1.0.rc8)
      actionpack (= 3.1.0.rc8)
      mail (~> 2.3.0)
    actionpack (3.1.0.rc8)
      activemodel (= 3.1.0.rc8)
      activesupport (= 3.1.0.rc8)
      builder (~> 3.0.0)
      erubis (~> 2.7.0)
      i18n (~> 0.6)
      rack (~> 1.3.2)
      rack-cache (~> 1.0.3)
      rack-mount (~> 0.8.2)
      rack-test (~> 0.6.1)
      sprockets (~> 2.0.0.beta.15)
    activemodel (3.1.0.rc8)
      activesupport (= 3.1.0.rc8)
      bcrypt-ruby (~> 3.0.0)
      builder (~> 3.0.0)
      i18n (~> 0.6)
    activerecord (3.1.0.rc8)
      activemodel (= 3.1.0.rc8)
      activesupport (= 3.1.0.rc8)
      arel (~> 2.2.1)
      tzinfo (~> 0.3.29)
    activeresource (3.1.0.rc8)
      activemodel (= 3.1.0.rc8)
      activesupport (= 3.1.0.rc8)
    activesupport (3.1.0.rc8)
      multi_json (~> 1.0)
    annotate (2.4.0)
    ansi (1.3.0)
    arel (2.2.1)
    bcrypt-ruby (3.0.0-x86-mingw32)
    builder (3.0.0)
    diff-lcs (1.1.3)
    erubis (2.7.0)
    hike (1.2.1)
    i18n (0.6.0)
    jquery-rails (1.0.14)
      railties (~> 3.0)
      thor (~> 0.14)
    kaminari (0.12.4)
      rails (>= 3.0.0)
    mail (2.3.0)
      i18n (>= 0.4.0)
      mime-types (~> 1.16)
      treetop (~> 1.4.8)
    mime-types (1.16)
    multi_json (1.0.3)
    nokogiri (1.5.0-x86-mingw32)
    pg (0.11.0-x86-mingw32)
    polyglot (0.3.2)
    rack (1.3.2)
    rack-cache (1.0.3)
      rack (>= 0.4)
    rack-mount (0.8.3)
      rack (>= 1.0.0)
    rack-ssl (1.3.2)
      rack
    rack-test (0.6.1)
      rack (>= 1.0)
    rails (3.1.0.rc8)
      actionmailer (= 3.1.0.rc8)
      actionpack (= 3.1.0.rc8)
      activerecord (= 3.1.0.rc8)
      activeresource (= 3.1.0.rc8)
      activesupport (= 3.1.0.rc8)
      bundler (~> 1.0)
      railties (= 3.1.0.rc8)
    railties (3.1.0.rc8)
      actionpack (= 3.1.0.rc8)
      activesupport (= 3.1.0.rc8)
      rack-ssl (~> 1.3.2)
      rake (>= 0.8.7)
      rdoc (~> 3.4)
      thor (~> 0.14.6)
    rake (0.9.2)
    rdoc (3.9.4)
    rspec (2.6.0)
      rspec-core (~> 2.6.0)
      rspec-expectations (~> 2.6.0)
      rspec-mocks (~> 2.6.0)
    rspec-core (2.6.4)
    rspec-expectations (2.6.0)
      diff-lcs (~> 1.1.2)
    rspec-mocks (2.6.0)
    rspec-rails (2.6.1)
      actionpack (~> 3.0)
      activesupport (~> 3.0)
      railties (~> 3.0)
      rspec (~> 2.6.0)
    simple_form (1.5.1)
      actionpack (~> 3.0)
      activemodel (~> 3.0)
    sprockets (2.0.0)
      hike (~> 1.2)
      rack (~> 1.0)
      tilt (!= 1.3.0, ~> 1.1)
    sqlite3 (1.3.4-x86-mingw32)
    thor (0.14.6)
    tilt (1.3.3)
    treetop (1.4.10)
      polyglot
      polyglot (>= 0.3.1)
    turn (0.8.2)
      ansi (>= 1.2.2)
    tzinfo (0.3.29)
    webrat (0.7.1)
      nokogiri (>= 1.2.0)
      rack (>= 1.0)
      rack-test (>= 0.5.3)

PLATFORMS
  x86-mingw32

DEPENDENCIES
  annotate (= 2.4.0)
  bcrypt-ruby (= 3.0.0)
  jquery-rails (= 1.0.14)
  kaminari (= 0.12.4)
  pg
  rails (= 3.1.0.rc8)
  rspec-rails (= 2.6.1)
  simple_form (= 1.5.1)
  sqlite3 (= 1.3.4)
  turn (= 0.8.2)
  webrat (= 0.7.1)
